GEM
  remote: https://rubygems.org/
  specs:
    diff-lcs (1.5.0)
    json (2.5.1)
    mime-types (3.5.1)
      mime-types-data (~> 3.2015)
    mime-types-data (3.2023.1205)
    rack (1.6.13)
    rake (12.3.3)
    rspec (3.12.0)
      rspec-core (~> 3.12.0)
      rspec-expectations (~> 3.12.0)
      rspec-mocks (~> 3.12.0)
    rspec-collection_matchers (1.2.1)
      rspec-expectations (>= 2.99.0.beta1)
    rspec-core (3.12.2)
      rspec-support (~> 3.12.0)
    rspec-expectations (3.12.3)
      diff-lcs (>= 1.2.0, < 2.0)
      rspec-support (~> 3.12.0)
    rspec-mocks (3.12.6)
      diff-lcs (>= 1.2.0, < 2.0)
      rspec-support (~> 3.12.0)
    rspec-support (3.12.1)
    webrick (1.8.1)

PLATFORMS
  ruby

DEPENDENCIES
  json
  mime-types (~> 3.5.1)
  rack
  rake
  rspec (~> 3.12.0)
  rspec-collection_matchers
  webrick (~> 1.8.1)

